PATH
  remote: .
  specs:
    jekyll-listme (0.4.0)

GEM
  remote: https://rubygems.org/
  specs:
    json (2.7.1)
    rake (13.1.0)

PLATFORMS
  ruby
  x86_64-linux

DEPENDENCIES
  jekyll-listme!
  json (~> 2.7)
  rake (~> 13.0)

BUNDLED WITH
   2.5.6
